GIT
  remote: https://github.com/pengwynn/guard-sass
  revision: 6bcf5f4de45d1b994468ad51cec68298ed3d9c5e
  specs:
    guard-sass (0.0.5)
      guard (>= 0.2.1)
      sass (~> 3.1.0)

GEM
  remote: http://rubygems.org/
  specs:
    addressable (2.2.5)
    childprocess (0.1.8)
      ffi (~> 1.0.6)
    coffee-script (2.2.0)
      coffee-script-source
      execjs
    coffee-script-source (1.0.1)
    colored (1.2)
    diff-lcs (1.1.2)
    em-websocket (0.2.1)
      addressable (>= 2.1.1)
      eventmachine (>= 0.12.9)
    eventmachine (0.12.10)
    execjs (0.3.0)
      multi_json (~> 1.0)
    ffi (1.0.7)
      rake (>= 0.8.7)
    git (1.2.5)
    guard (0.3.4)
      thor (~> 0.14.6)
    guard-coffeescript (0.2.0)
      coffee-script (~> 2.2.0)
      guard (~> 0.3.0)
    guard-livereload (0.1.10)
      em-websocket (~> 0.2.0)
      guard (>= 0.2.2)
      json (~> 1.5.1)
    guard-rspec (0.3.0)
      guard (>= 0.2.2)
    jasmine (1.0.2.0)
      json_pure (>= 1.4.3)
      rack (>= 1.1)
      rspec (>= 1.3.1)
      selenium-webdriver (>= 0.1.3)
    jeweler (1.5.2)
      bundler (~> 1.0.0)
      git (>= 1.2.5)
      rake
    json (1.5.1)
    json_pure (1.5.1)
    multi_json (1.0.0)
    mustache (0.99.3)
    rack (1.2.2)
    rake (0.8.7)
    rcov (0.9.9)
    rdiscount (1.6.8)
    rocco (0.6)
      mustache
      rdiscount
    rspec (2.5.0)
      rspec-core (~> 2.5.0)
      rspec-expectations (~> 2.5.0)
      rspec-mocks (~> 2.5.0)
    rspec-core (2.5.1)
    rspec-expectations (2.5.0)
      diff-lcs (~> 1.1.2)
    rspec-mocks (2.5.0)
    rubyzip (0.9.4)
    sass (3.1.1)
    selenium-webdriver (0.2.0)
      childprocess (>= 0.1.7)
      ffi (>= 1.0.7)
      json_pure
      rubyzip
    thor (0.14.6)

PLATFORMS
  ruby

DEPENDENCIES
  bundler (~> 1.0.10)
  coffee-script
  colored
  guard
  guard-coffeescript
  guard-livereload
  guard-rspec
  guard-sass!
  jasmine
  jeweler (~> 1.5.2)
  rake
  rcov
  rocco
  rspec (~> 2.5.0)
  thor
